GEM
  remote: https://rubygems.org/
  specs:
    cloud_events (0.3.0)
    httparty (0.18.1)
      mime-types (~> 3.0)
      multi_xml (>= 0.5.2)
    mime-types (3.3.1)
      mime-types-data (~> 3.2015)
    mime-types-data (3.2021.0225)
    multi_xml (0.6.0)
    optimist (3.0.1)

PLATFORMS
  x86_64-darwin-20

DEPENDENCIES
  cloud_events
  httparty
  optimist

BUNDLED WITH
   2.2.3
